GEM
  remote: https://rubygems.org/
  specs:
    rack (1.5.2)
    sass (3.4.6)
    sinatra (1.0)
      rack (>= 1.0)
    slim (2.1.0)
      temple (~> 0.6.9)
      tilt (>= 1.3.3, < 2.1)
    temple (0.6.9)
    tilt (2.0.1)

PLATFORMS
  ruby

DEPENDENCIES
  sass
  sinatra
  slim
